GIT
  remote: https://github.com/bsharpe/rasem.git
  revision: 03a9d264ff79cba397bea5ed9a6e1f31012f7516
  specs:
    rasem (0.7.0)

GEM
  remote: https://rubygems.org/
  specs:
    activesupport (6.1.7.3)
      concurrent-ruby (~> 1.0, >= 1.0.2)
      i18n (>= 1.6, < 2)
      minitest (>= 5.1)
      tzinfo (~> 2.0)
      zeitwerk (~> 2.3)
    awesome_print (1.9.2)
    bundleup (2.1.3)
    concurrent-ruby (1.2.2)
    foreman (0.87.2)
    i18n (1.12.0)
      concurrent-ruby (~> 1.0)
    iodine (0.7.44)
    minitest (5.18.0)
    multi_json (1.15.0)
    mustermann (1.1.1)
      ruby2_keywords (~> 0.0.1)
    rack (2.2.3)
    rack-cache (1.12.1)
      rack (>= 0.4)
    rack-protection (2.1.0)
      rack
    rake (13.0.3)
    ruby2_keywords (0.0.4)
    sinatra (2.1.0)
      mustermann (~> 1.0)
      rack (~> 2.2)
      rack-protection (= 2.1.0)
      tilt (~> 2.0)
    sinatra-contrib (2.1.0)
      multi_json
      mustermann (~> 1.0)
      rack-protection (= 2.1.0)
      sinatra (= 2.1.0)
      tilt (~> 2.0)
    thor (1.1.0)
    tilt (2.0.10)
    tzinfo (2.0.6)
      concurrent-ruby (~> 1.0)
    zeitwerk (2.6.7)

PLATFORMS
  ruby

DEPENDENCIES
  activesupport
  awesome_print
  bundleup
  foreman
  iodine
  rack-cache
  rake
  rasem!
  sinatra
  sinatra-contrib
  thor

RUBY VERSION
   ruby 3.0.1p64

BUNDLED WITH
   2.2.15
