GIT
  remote: https://github.com/bsharpe/rasem.git
  revision: 03a9d264ff79cba397bea5ed9a6e1f31012f7516
  specs:
    rasem (0.7.0)

GEM
  remote: https://rubygems.org/
  specs:
    activesupport (5.2.0)
      concurrent-ruby (~> 1.0, >= 1.0.2)
      i18n (>= 0.7, < 2)
      minitest (~> 5.1)
      tzinfo (~> 1.1)
    backports (3.11.3)
    concurrent-ruby (1.0.5)
    foreman (0.84.0)
      thor (~> 0.19.1)
    i18n (1.0.1)
      concurrent-ruby (~> 1.0)
    minitest (5.11.3)
    multi_json (1.13.1)
    mustermann (1.0.2)
    puma (3.11.4)
    rack (2.0.4)
    rack-cache (1.7.1)
      rack (>= 0.4)
    rack-protection (2.0.1)
      rack
    rake (12.3.1)
    sinatra (2.0.1)
      mustermann (~> 1.0)
      rack (~> 2.0)
      rack-protection (= 2.0.1)
      tilt (~> 2.0)
    sinatra-contrib (2.0.1)
      backports (>= 2.0)
      multi_json
      mustermann (~> 1.0)
      rack-protection (= 2.0.1)
      sinatra (= 2.0.1)
      tilt (>= 1.3, < 3)
    thor (0.19.4)
    thread_safe (0.3.6)
    tilt (2.0.8)
    tzinfo (1.2.5)
      thread_safe (~> 0.1)

PLATFORMS
  ruby

DEPENDENCIES
  activesupport (~> 5)
  foreman
  puma
  rack-cache
  rake
  rasem!
  sinatra
  sinatra-contrib
  thor

RUBY VERSION
   ruby 2.5.1p57

BUNDLED WITH
   1.16.1
