GIT
  remote: git://github.com/bsharpe/rasem.git
  revision: 9a2a38db0f2f663461ca965466e68c6298906d8a
  specs:
    rasem (0.7.0)

GEM
  remote: https://rubygems.org/
  specs:
    puma (2.12.3)
    rack (1.6.4)
    rack-protection (1.5.3)
      rack
    rake (10.4.2)
    sinatra (1.4.6)
      rack (~> 1.4)
      rack-protection (~> 1.4)
      tilt (>= 1.3, < 3)
    tilt (2.0.1)

PLATFORMS
  ruby

DEPENDENCIES
  puma
  rake
  rasem!
  sinatra

BUNDLED WITH
   1.10.6
