GIT
  remote: git://github.com/bsharpe/rasem.git
  revision: 03a9d264ff79cba397bea5ed9a6e1f31012f7516
  specs:
    rasem (0.7.0)

GEM
  remote: https://rubygems.org/
  specs:
    activesupport (5.0.1)
      concurrent-ruby (~> 1.0, >= 1.0.2)
      i18n (~> 0.7)
      minitest (~> 5.1)
      tzinfo (~> 1.1)
    backports (3.6.8)
    concurrent-ruby (1.0.3)
    foreman (0.83.0)
      thor (~> 0.19.1)
    i18n (0.8.0)
    minitest (5.10.1)
    multi_json (1.12.1)
    puma (3.7.0)
    rack (1.6.5)
    rack-cache (1.7.0)
      rack (>= 0.4)
    rack-protection (1.5.3)
      rack
    rack-test (0.6.3)
      rack (>= 1.0)
    rake (12.0.0)
    sinatra (1.4.8)
      rack (~> 1.5)
      rack-protection (~> 1.4)
      tilt (>= 1.3, < 3)
    sinatra-contrib (1.4.7)
      backports (>= 2.0)
      multi_json
      rack-protection
      rack-test
      sinatra (~> 1.4.0)
      tilt (>= 1.3, < 3)
    thor (0.19.4)
    thread_safe (0.3.5)
    tilt (2.0.6)
    tzinfo (1.2.2)
      thread_safe (~> 0.1)

PLATFORMS
  ruby

DEPENDENCIES
  activesupport (~> 5)
  foreman
  puma
  rack-cache
  rake
  rasem!
  sinatra
  sinatra-contrib
  thor

RUBY VERSION
   ruby 2.5.1p57

BUNDLED WITH
   1.16.1
